GEM
  remote: http://rubygems.org/
  specs:
    coderay (1.0.8)
    diff-lcs (1.1.3)
    git (1.2.5)
    httpclient (2.3.2)
    jeweler (1.8.4)
      bundler (~> 1.0)
      git (>= 1.2.5)
      rake
      rdoc
    json (1.7.6)
    method_source (0.8.1)
    multi_json (1.5.0)
    pry (0.9.11.4)
      coderay (~> 1.0.5)
      method_source (~> 0.8)
      slop (~> 3.4)
    rake (10.0.3)
    rdoc (3.12)
      json (~> 1.4)
    reek (1.3)
      ruby2ruby (~> 2.0.0)
      ruby_parser (~> 3.0.4)
      sexp_processor
    rspec (2.12.0)
      rspec-core (~> 2.12.0)
      rspec-expectations (~> 2.12.0)
      rspec-mocks (~> 2.12.0)
    rspec-core (2.12.2)
    rspec-expectations (2.12.1)
      diff-lcs (~> 1.1.3)
    rspec-mocks (2.12.1)
    ruby2ruby (2.0.1)
      ruby_parser (~> 3.0.0)
      sexp_processor (~> 4.0)
    ruby_parser (3.0.4)
      sexp_processor (~> 4.1)
    sexp_processor (4.1.4)
    simplecov (0.7.1)
      multi_json (~> 1.0)
      simplecov-html (~> 0.7.1)
    simplecov-html (0.7.1)
    slop (3.4.3)
    yard (0.8.3)

PLATFORMS
  ruby

DEPENDENCIES
  httpclient (>= 2.2.6)
  jeweler
  pry
  rdoc
  reek
  rspec
  simplecov
  yard
